GEM
  remote: http://rubygems.org/
  specs:
    actionmailer (2.3.14)
      actionpack (= 2.3.14)
    actionpack (2.3.14)
      activesupport (= 2.3.14)
      rack (~> 1.1.0)
    activerecord (2.3.14)
      activesupport (= 2.3.14)
    activeresource (2.3.14)
      activesupport (= 2.3.14)
    activesupport (2.3.14)
    mysql (2.9.0)
    rack (1.1.3)
    rails (2.3.14)
      actionmailer (= 2.3.14)
      actionpack (= 2.3.14)
      activerecord (= 2.3.14)
      activeresource (= 2.3.14)
      activesupport (= 2.3.14)
      rake (>= 0.8.3)
    rake (10.0.3)
    ruby-ole (1.2.11.1)
    spreadsheet (0.6.5.7)
      ruby-ole (>= 1.0)

PLATFORMS
  ruby

DEPENDENCIES
  mysql (~> 2.9)
  rails (~> 2.3)
  rake
  spreadsheet
