GEM
  remote: http://rubygems.org/
  specs:
    actionmailer (2.3.15)
      actionpack (= 2.3.15)
    actionpack (2.3.15)
      activesupport (= 2.3.15)
      rack (~> 1.1.3)
    activerecord (2.3.15)
      activesupport (= 2.3.15)
    activeresource (2.3.15)
      activesupport (= 2.3.15)
    activesupport (2.3.15)
    harvested (0.6.4)
      hashie (~> 1)
      httparty
      json
    hashie (1.2.0)
    httparty (0.10.0)
      multi_json (~> 1.0)
      multi_xml
    i18n (0.6.1)
    json (1.7.6)
    money (5.1.0)
      i18n (~> 0.6.0)
    multi_json (1.5.0)
    multi_xml (0.5.2)
    mysql (2.9.0)
    rack (1.1.5)
    rails (2.3.15)
      actionmailer (= 2.3.15)
      actionpack (= 2.3.15)
      activerecord (= 2.3.15)
      activeresource (= 2.3.15)
      activesupport (= 2.3.15)
      rake (>= 0.8.3)
    rake (10.0.3)
    redgreen (1.2.2)
    ruby-ole (1.2.11.1)
    spreadsheet (0.6.5.7)
      ruby-ole (>= 1.0)

PLATFORMS
  ruby

DEPENDENCIES
  harvested
  money
  mysql (~> 2.9)
  rails (~> 2.3)
  rake
  redgreen
  spreadsheet
